GEM
  remote: https://rubygems.org/
  specs:
    activemodel (3.2.13)
      activesupport (= 3.2.13)
      builder (~> 3.0.0)
    activesupport (3.2.13)
      i18n (= 0.6.1)
      multi_json (~> 1.0)
    awesome_print (1.1.0)
    builder (3.0.4)
    coderay (1.0.9)
    diff-lcs (1.2.1)
    faraday (0.8.7)
      multipart-post (~> 1.1)
    guard (1.4.0)
      listen (>= 0.4.2)
      thor (>= 0.14.6)
    guard-rspec (1.2.1)
      guard (>= 1.1)
    i18n (0.6.1)
    listen (0.6.0)
    method_source (0.8.1)
    mongoid (3.1.2)
      activemodel (~> 3.2)
      moped (~> 1.4.2)
      origin (~> 1.0)
      tzinfo (~> 0.3.22)
    moped (1.4.3)
    multi_json (1.7.1)
    multipart-post (1.2.0)
    oj (2.0.10)
    origin (1.0.11)
    pry (0.9.12)
      coderay (~> 1.0.5)
      method_source (~> 0.8)
      slop (~> 3.4)
    puma (2.0.0.b7)
      rack (>= 1.1, < 2.0)
    rack (1.5.2)
    rack-protection (1.5.0)
      rack
    rake (10.0.3)
    rb-fsevent (0.9.3)
    rly (0.2.3)
    rspec (2.13.0)
      rspec-core (~> 2.13.0)
      rspec-expectations (~> 2.13.0)
      rspec-mocks (~> 2.13.0)
    rspec-core (2.13.1)
    rspec-expectations (2.13.0)
      diff-lcs (>= 1.1.3, < 2.0)
    rspec-mocks (2.13.0)
    sinatra (1.4.2)
      rack (~> 1.5, >= 1.5.2)
      rack-protection (~> 1.4)
      tilt (~> 1.3, >= 1.3.4)
    sinatra-subdomain (0.1.2)
      sinatra
    slim (1.3.6)
      temple (~> 0.5.5)
      tilt (~> 1.3.3)
    slop (3.4.4)
    temple (0.5.5)
    terminal-notifier-guard (1.5.3)
    thor (0.16.0)
    tilt (1.3.6)
    tzinfo (0.3.37)

PLATFORMS
  ruby

DEPENDENCIES
  awesome_print
  faraday
  guard-rspec
  mongoid
  oj
  pry
  puma (~> 2.0.0.b)
  rake
  rb-fsevent (~> 0.9.1)
  rly
  rspec
  sinatra
  sinatra-subdomain
  slim
  terminal-notifier-guard
